GEM
  remote: https://rubygems.org/
  specs:
    artoo (1.5.0)
      celluloid (~> 0.15.0)
      celluloid-io (~> 0.15.0)
      multi_json (~> 1.6)
      pry (~> 0.9)
      rake
      reel (~> 0.4.0)
      thor (~> 0.18.1)
    artoo-arduino (1.3.0)
      artoo (>= 1.4.0)
      artoo-gpio
      artoo-i2c
      hybridgroup-firmata (~> 0.4.5)
    artoo-gpio (0.3.0)
      artoo (>= 1.4.0)
    artoo-i2c (0.4.0)
      artoo (>= 1.4.0)
    artoo-leapmotion (0.3.0)
      artoo (>= 1.4.0)
      hybridgroup-celluloid-websocket-client
    celluloid (0.15.2)
      timers (~> 1.1.0)
    celluloid-io (0.15.0)
      celluloid (>= 0.15.0)
      nio4r (>= 0.5.0)
    coderay (1.1.0)
    event_emitter (0.2.5)
    http (0.5.0)
      http_parser.rb
    http_parser.rb (0.6.0.beta.2)
    hybridgroup-celluloid-websocket-client (0.0.3)
      celluloid-io
      websocket-driver
    hybridgroup-firmata (0.4.5)
      event_emitter
    hybridgroup-serialport (1.2.1)
    method_source (0.8.2)
    multi_json (1.8.2)
    nio4r (0.5.0)
    pry (0.9.12.4)
      coderay (~> 1.0)
      method_source (~> 0.8)
      slop (~> 3.4)
    rake (10.1.0)
    reel (0.4.0)
      celluloid (>= 0.15.1)
      celluloid-io (>= 0.15.0)
      http (>= 0.5.0)
      http_parser.rb (>= 0.6.0.beta.2)
      websocket_parser (>= 0.1.4)
    slop (3.4.7)
    thor (0.18.1)
    timers (1.1.0)
    websocket-driver (0.3.1)
    websocket_parser (0.1.4)
      http

PLATFORMS
  ruby

DEPENDENCIES
  artoo-arduino
  artoo-leapmotion
  hybridgroup-serialport
  rake
